GIT
  remote: https://github.com/boazsegev/iodine.git
  revision: d7b4bfe1fda62ac983c06a73ed0709263d2ea5bd
  specs:
    iodine (0.2.0)
      rake-compiler

GEM
  specs:
    rake (11.2.2)
    rake-compiler (0.9.5)
      rake

PLATFORMS
  ruby

DEPENDENCIES
  iodine!

BUNDLED WITH
   1.12.5
